GEM
  remote: https://rubygems.org/
  specs:
    rainbow (3.1.1)

PLATFORMS
  x64-mingw-ucrt

DEPENDENCIES
  rainbow

BUNDLED WITH
   2.4.19
